GEM
  remote: https://rubygems.org/
  specs:
    redis (3.3.3)

PLATFORMS
  ruby

DEPENDENCIES
  redis

BUNDLED WITH
   1.14.3
